GEM
  remote: http://rubygems.org/
  specs:
    activemodel (3.0.3)
      activesupport (= 3.0.3)
      builder (~> 2.1.2)
      i18n (~> 0.4)
    activesupport (3.0.3)
    bson (1.1.3)
    builder (2.1.2)
    cucumber (0.10.0)
      builder (>= 2.1.2)
      diff-lcs (~> 1.1.2)
      gherkin (~> 2.3.2)
      json (~> 1.4.6)
      term-ansicolor (~> 1.0.5)
    diff-lcs (1.1.2)
    funtimes (0.2.1)
    gherkin (2.3.2)
      json (~> 1.4.6)
      term-ansicolor (~> 1.0.5)
    git (1.2.5)
    i18n (0.5.0)
    jeweler (1.5.1)
      bundler (~> 1.0.0)
      git (>= 1.2.5)
      rake
    json (1.4.6)
    mocha (0.9.8)
      rake
    mongo (1.1.3)
      bson (>= 1.1.1)
    mongoid (2.0.0.beta.20)
      activemodel (~> 3.0)
      mongo (~> 1.1)
      tzinfo (~> 0.3.22)
      will_paginate (~> 3.0.pre)
    rake (0.8.7)
    rcov (0.9.9)
    rspec (2.1.0)
      rspec-core (~> 2.1.0)
      rspec-expectations (~> 2.1.0)
      rspec-mocks (~> 2.1.0)
    rspec-core (2.1.0)
    rspec-expectations (2.1.0)
      diff-lcs (~> 1.1.2)
    rspec-mocks (2.1.0)
    term-ansicolor (1.0.5)
    tzinfo (0.3.23)
    will_paginate (3.0.pre2)

PLATFORMS
  ruby

DEPENDENCIES
  activemodel
  bundler (~> 1.0.0)
  cucumber
  funtimes
  jeweler (~> 1.5.1)
  mocha
  mongoid (= 2.0.0.beta.20)
  rcov
  rspec (~> 2.1.0)
